PATH
  remote: .
  specs:
    omniauth-paypal-permissions (1.0.0)
      paypal-sdk-permissions (~> 1.96)

GEM
  remote: https://rubygems.org/
  specs:
    diff-lcs (1.2.4)
    json (1.8.3)
    multi_json (1.11.2)
    paypal-sdk-core (0.3.2)
      multi_json (~> 1.0)
      xml-simple
    paypal-sdk-permissions (1.96.4)
      paypal-sdk-core (~> 0.3.0)
    rake (10.1.0)
    rspec (2.14.1)
      rspec-core (~> 2.14.0)
      rspec-expectations (~> 2.14.0)
      rspec-mocks (~> 2.14.0)
    rspec-core (2.14.5)
    rspec-expectations (2.14.3)
      diff-lcs (>= 1.1.3, < 2.0)
    rspec-mocks (2.14.3)
    xml-simple (1.1.5)

PLATFORMS
  ruby

DEPENDENCIES
  json
  omniauth-paypal-permissions!
  rake
  rspec (~> 2.14)

BUNDLED WITH
   1.10.6
